PATH
  remote: .
  specs:
    moku (2.1.0)
      canister
      ettin (~> 1.2.1)
      gli
      rsync
      terminal-table

GEM
  remote: https://rubygems.org/
  specs:
    ast (2.4.0)
    canister (0.9.1)
    coderay (1.1.2)
    coveralls (0.8.22)
      json (>= 1.8, < 3)
      simplecov (~> 0.16.1)
      term-ansicolor (~> 1.3)
      thor (~> 0.19.4)
      tins (~> 1.6)
    deep_merge (1.2.1)
    diff-lcs (1.3)
    docile (1.3.1)
    ettin (1.2.1)
      deep_merge
    fakefs (0.18.0)
    gli (2.18.0)
    jaro_winkler (1.5.2)
    json (2.2.0)
    method_source (0.9.2)
    parallel (1.12.1)
    parser (2.5.3.0)
      ast (~> 2.4.0)
    powerpack (0.1.2)
    pry (0.12.2)
      coderay (~> 1.1.0)
      method_source (~> 0.9.0)
    rainbow (3.0.0)
    rake (10.5.0)
    rspec (3.8.0)
      rspec-core (~> 3.8.0)
      rspec-expectations (~> 3.8.0)
      rspec-mocks (~> 3.8.0)
    rspec-core (3.8.0)
      rspec-support (~> 3.8.0)
    rspec-expectations (3.8.2)
      diff-lcs (>= 1.2.0, < 2.0)
      rspec-support (~> 3.8.0)
    rspec-mocks (3.8.0)
      diff-lcs (>= 1.2.0, < 2.0)
      rspec-support (~> 3.8.0)
    rspec-support (3.8.0)
    rsync (1.0.9)
    rubocop (0.62.0)
      jaro_winkler (~> 1.5.1)
      parallel (~> 1.10)
      parser (>= 2.5, != 2.5.1.1)
      powerpack (~> 0.1)
      rainbow (>= 2.2.2, < 4.0)
      ruby-progressbar (~> 1.7)
      unicode-display_width (~> 1.4.0)
    rubocop-rspec (1.31.0)
      rubocop (>= 0.60.0)
    ruby-progressbar (1.10.0)
    simplecov (0.16.1)
      docile (~> 1.1)
      json (>= 1.8, < 3)
      simplecov-html (~> 0.10.0)
    simplecov-html (0.10.2)
    term-ansicolor (1.7.1)
      tins (~> 1.0)
    terminal-table (1.8.0)
      unicode-display_width (~> 1.1, >= 1.1.1)
    thor (0.19.4)
    tins (1.20.2)
    unicode-display_width (1.4.1)
    yard (0.9.18)

PLATFORMS
  ruby

DEPENDENCIES
  bundler
  coveralls
  fakefs
  moku!
  pry
  rake (~> 10.0)
  rspec (~> 3.0)
  rubocop
  rubocop-rspec
  yard

BUNDLED WITH
   2.0.1
