GEM
  remote: https://rubygems.org/
  specs:
    coderay (1.1.2)
    concurrent-ruby (1.0.5)
    diff-lcs (1.3)
    faker (1.9.1)
      i18n (>= 0.7)
    i18n (1.1.0)
      concurrent-ruby (~> 1.0)
    method_source (0.9.0)
    nio4r (2.5.2)
    pry (0.11.3)
      coderay (~> 1.1.0)
      method_source (~> 0.9.0)
    puma (4.2.0)
      nio4r (~> 2.0)
    rspec (3.8.0)
      rspec-core (~> 3.8.0)
      rspec-expectations (~> 3.8.0)
      rspec-mocks (~> 3.8.0)
    rspec-core (3.8.0)
      rspec-support (~> 3.8.0)
    rspec-expectations (3.8.1)
      diff-lcs (>= 1.2.0, < 2.0)
      rspec-support (~> 3.8.0)
    rspec-mocks (3.8.0)
      diff-lcs (>= 1.2.0, < 2.0)
      rspec-support (~> 3.8.0)
    rspec-support (3.8.0)

PLATFORMS
  ruby

DEPENDENCIES
  faker
  pry
  puma
  rspec

BUNDLED WITH
   2.0.2
